GEM
  remote: http://rubygems.org/
  specs:
    addressable (2.3.2)
    em-websocket (0.3.8)
      addressable (>= 2.1.1)
      eventmachine (>= 0.12.9)
    eventmachine (1.0.0)
    hashie (1.2.0)
    httmultiparty (0.3.8)
      httparty (>= 0.7.3)
      multipart-post
    httparty (0.10.0)
      multi_json (~> 1.0)
      multi_xml
    json (1.7.6)
    multi_json (1.5.0)
    multi_xml (0.5.2)
    multipart-post (1.1.5)
    rack (1.4.4)
    ruby-hmac (0.4.0)
    sinatra (1.1.0)
      rack (~> 1.1)
      tilt (~> 1.1)
    soundcloud (0.3.1)
      hashie
      httmultiparty (>= 0.3)
      httparty (>= 0.7.3)
    tilt (1.3.3)

PLATFORMS
  ruby

DEPENDENCIES
  em-websocket
  json
  ruby-hmac
  sinatra (= 1.1.0)
  soundcloud
